PATH
  remote: .
  specs:
    vscal (0.0.2)

GEM
  remote: https://rubygems.org/
  specs:
    minitest (5.10.1)
    rake (10.5.0)

PLATFORMS
  ruby

DEPENDENCIES
  bundler (~> 1.13)
  minitest (~> 5.10)
  rake (~> 10.0)
  vscal!

BUNDLED WITH
   1.13.7
