PATH
  remote: .
  specs:
    vscal (0.0.1)

GEM
  remote: https://rubygems.org/
  specs:

PLATFORMS
  ruby

DEPENDENCIES
  vscal!

BUNDLED WITH
   1.13.7
